GEM
  remote: https://rubygems.org/
  specs:
    actionpack (5.1.2)
      actionview (= 5.1.2)
      activesupport (= 5.1.2)
      rack (~> 2.0)
      rack-test (~> 0.6.3)
      rails-dom-testing (~> 2.0)
      rails-html-sanitizer (~> 1.0, >= 1.0.2)
    actionview (5.1.2)
      activesupport (= 5.1.2)
      builder (~> 3.1)
      erubi (~> 1.4)
      rails-dom-testing (~> 2.0)
      rails-html-sanitizer (~> 1.0, >= 1.0.3)
    activesupport (5.1.2)
      concurrent-ruby (~> 1.0, >= 1.0.2)
      i18n (~> 0.7)
      minitest (~> 5.1)
      tzinfo (~> 1.1)
    addressable (2.5.1)
      public_suffix (~> 2.0, >= 2.0.2)
    archive-zip (0.7.0)
      io-like (~> 0.3.0)
    builder (3.2.3)
    capybara (2.14.4)
      addressable
      mime-types (>= 1.16)
      nokogiri (>= 1.3.3)
      rack (>= 1.0.0)
      rack-test (>= 0.5.4)
      xpath (~> 2.0)
    capybara-screenshot (1.0.17)
      capybara (>= 1.0, < 3)
      launchy
    childprocess (0.7.1)
      ffi (~> 1.0, >= 1.0.11)
    chromedriver-helper (1.1.0)
      archive-zip (~> 0.7.0)
      nokogiri (~> 1.6)
    coderay (1.1.1)
    concurrent-ruby (1.0.5)
    cucumber (2.4.0)
      builder (>= 2.1.2)
      cucumber-core (~> 1.5.0)
      cucumber-wire (~> 0.0.1)
      diff-lcs (>= 1.1.3)
      gherkin (~> 4.0)
      multi_json (>= 1.7.5, < 2.0)
      multi_test (>= 0.1.2)
    cucumber-core (1.5.0)
      gherkin (~> 4.0)
    cucumber-rails (1.5.0)
      capybara (>= 1.1.2, < 3)
      cucumber (>= 1.3.8, < 4)
      mime-types (>= 1.17, < 4)
      nokogiri (~> 1.5)
      railties (>= 4, < 5.2)
    cucumber-wire (0.0.1)
    diff-lcs (1.3)
    erubi (1.6.1)
    ffi (1.9.18)
    gherkin (4.1.3)
    i18n (0.8.6)
    io-like (0.3.0)
    launchy (2.4.3)
      addressable (~> 2.3)
    loofah (2.0.3)
      nokogiri (>= 1.5.9)
    method_source (0.8.2)
    mime-types (3.1)
      mime-types-data (~> 3.2015)
    mime-types-data (3.2016.0521)
    mini_portile2 (2.2.0)
    minitest (5.10.3)
    multi_json (1.12.1)
    multi_test (0.1.2)
    nokogiri (1.8.0)
      mini_portile2 (~> 2.2.0)
    pry (0.10.4)
      coderay (~> 1.1.0)
      method_source (~> 0.8.1)
      slop (~> 3.4)
    public_suffix (2.0.5)
    rack (2.0.3)
    rack-test (0.6.3)
      rack (>= 1.0)
    rails-dom-testing (2.0.3)
      activesupport (>= 4.2.0)
      nokogiri (>= 1.6)
    rails-html-sanitizer (1.0.3)
      loofah (~> 2.0)
    railties (5.1.2)
      actionpack (= 5.1.2)
      activesupport (= 5.1.2)
      method_source
      rake (>= 0.8.7)
      thor (>= 0.18.1, < 2.0)
    rake (12.0.0)
    require_all (1.4.0)
    rspec-core (3.6.0)
      rspec-support (~> 3.6.0)
    rspec-expectations (3.6.0)
      diff-lcs (>= 1.2.0, < 2.0)
      rspec-support (~> 3.6.0)
    rspec-mocks (3.6.0)
      diff-lcs (>= 1.2.0, < 2.0)
      rspec-support (~> 3.6.0)
    rspec-rails (3.6.0)
      actionpack (>= 3.0)
      activesupport (>= 3.0)
      railties (>= 3.0)
      rspec-core (~> 3.6.0)
      rspec-expectations (~> 3.6.0)
      rspec-mocks (~> 3.6.0)
      rspec-support (~> 3.6.0)
    rspec-support (3.6.0)
    rubyzip (1.2.1)
    selenium-webdriver (3.4.4)
      childprocess (~> 0.5)
      rubyzip (~> 1.0)
    site_prism (2.9)
      addressable (>= 2.3.3, < 3.0)
      capybara (>= 2.1, < 3.0)
    slop (3.6.0)
    thor (0.19.4)
    thread_safe (0.3.6)
    tzinfo (1.2.3)
      thread_safe (~> 0.1)
    xpath (2.1.0)
      nokogiri (~> 1.3)

PLATFORMS
  ruby

DEPENDENCIES
  capybara
  capybara-screenshot
  chromedriver-helper
  cucumber-rails
  pry
  require_all
  rspec-rails
  selenium-webdriver
  site_prism

BUNDLED WITH
   1.15.3
